GEM
  remote: http://rubygems.org/
  specs:
    addressable (2.8.0)
      public_suffix (>= 2.0.2, < 5.0)
    aes (0.5.1)
    ansi (1.5.0)
    builder (3.2.4)
    ci_reporter (2.0.0)
      builder (>= 2.1.2)
    ci_reporter_minitest (1.0.0)
      ci_reporter (~> 2.0)
      minitest (~> 5.0)
    colored (1.2)
    docile (1.4.0)
    ffi (1.9.25)
    geocoder (1.4.9)
    git (1.9.1)
      rchardet (~> 1.8)
    highline (2.0.3)
    json (2.5.1)
    launchy (2.4.3)
      addressable (~> 2.3)
    minitest (5.14.4)
    minitest-reporters (1.4.3)
      ansi
      builder
      minitest (>= 5.0)
      ruby-progressbar
    openstudio-standards (0.2.13)
    parallel (1.21.0)
    public_suffix (3.1.1)
    rake (13.0.6)
    rchardet (1.8.0)
    ruby-progressbar (1.11.0)
    rubyzip (2.3.2)
    simplecov (0.18.5)
      docile (~> 1.1)
      simplecov-html (~> 0.11)
    simplecov-html (0.12.3)

PLATFORMS
  x64-mingw32

DEPENDENCIES
  aes (~> 0.5.0)
  ci_reporter_minitest (~> 1.0.0)
  colored (~> 1.2)
  ffi (~> 1.9.18)
  geocoder (~> 1.4.4)
  git
  highline (~> 2.0.3)
  json (~> 2.5.1)
  launchy (~> 2.4.3)
  minitest (~> 5.9)
  minitest-reporters
  openstudio-standards (= 0.2.13)
  parallel
  public_suffix (= 3.1.1)
  rake
  rubyzip
  simplecov (~> 0.18.5)
  simplecov-html (~> 0.12.3)

BUNDLED WITH
   2.2.29
