GEM
  remote: https://rubygems.org/
  specs:
    parallel (1.12.1)
    zip (2.0.2)

PLATFORMS
  ruby

DEPENDENCIES
  parallel
  zip

BUNDLED WITH
   1.16.1
